PATH
  remote: .
  specs:
    lean-microsoft-graph (0.3.4)
      faraday (~> 1.10)
      faraday_middleware (~> 1.0)

GEM
  remote: https://rubygems.org/
  specs:
    faraday (1.10.3)
      faraday-em_http (~> 1.0)
      faraday-em_synchrony (~> 1.0)
      faraday-excon (~> 1.1)
      faraday-httpclient (~> 1.0)
      faraday-multipart (~> 1.0)
      faraday-net_http (~> 1.0)
      faraday-net_http_persistent (~> 1.0)
      faraday-patron (~> 1.0)
      faraday-rack (~> 1.0)
      faraday-retry (~> 1.0)
      ruby2_keywords (>= 0.0.4)
    faraday-em_http (1.0.0)
    faraday-em_synchrony (1.0.0)
    faraday-excon (1.1.0)
    faraday-httpclient (1.0.1)
    faraday-multipart (1.0.4)
      multipart-post (~> 2)
    faraday-net_http (1.0.2)
    faraday-net_http_persistent (1.2.0)
    faraday-patron (1.0.0)
    faraday-rack (1.0.0)
    faraday-retry (1.0.3)
    faraday_middleware (1.2.0)
      faraday (~> 1.0)
    minitest (5.25.4)
    mocha (2.7.1)
      ruby2_keywords (>= 0.0.5)
    multipart-post (2.4.1)
    rack (3.1.8)
    rackup (2.2.1)
      rack (>= 3)
    rake (13.2.1)
    redcarpet (3.6.0)
    ruby2_keywords (0.0.5)
    webrick (1.9.1)
    yard (0.9.37)

PLATFORMS
  x86_64-darwin-21
  x86_64-linux

DEPENDENCIES
  lean-microsoft-graph!
  minitest (~> 5.25)
  mocha (~> 2.7)
  rack (~> 3.1, >= 3.1.8)
  rackup (~> 2.2, >= 2.2.1)
  rake (~> 13.2)
  redcarpet (~> 3.6)
  webrick (~> 1.9, >= 1.9.1)
  yard (~> 0.9.37)

BUNDLED WITH
   2.2.33
