PATH
  remote: .
  specs:
    lean-microsoft-graph (0.1.0)

GEM
  remote: https://rubygems.org/
  specs:
    minitest (5.20.0)
    rake (13.0.6)

PLATFORMS
  x86_64-linux

DEPENDENCIES
  lean-microsoft-graph!
  minitest (~> 5.0)
  rake (~> 13.0)

BUNDLED WITH
   2.2.31
