PATH
  remote: .
  specs:
    lean-microsoft-graph (0.3.4)
      faraday (~> 2.12)
      faraday-retry (~> 2.2)

GEM
  remote: https://rubygems.org/
  specs:
    faraday (2.12.2)
      faraday-net_http (>= 2.0, < 3.5)
      json
      logger
    faraday-net_http (3.4.0)
      net-http (>= 0.5.0)
    faraday-retry (2.2.1)
      faraday (~> 2.0)
    json (2.9.1)
    logger (1.6.4)
    minitest (5.25.4)
    mocha (2.7.1)
      ruby2_keywords (>= 0.0.5)
    net-http (0.6.0)
      uri
    rake (13.2.1)
    ruby2_keywords (0.0.5)
    uri (1.0.2)

PLATFORMS
  arm64-darwin-23
  x86_64-darwin-21
  x86_64-linux

DEPENDENCIES
  lean-microsoft-graph!
  minitest (~> 5.25)
  mocha (~> 2.4)
  rake (~> 13.2)

BUNDLED WITH
   2.2.33
